GEM
  remote: https://rubygems.org/
  specs:
    kramdown (1.5.0)
    pdf-core (0.5.0)
    prawn (2.0.0)
      pdf-core (~> 0.5.0)
      ttfunk (~> 1.4.0)
    ttfunk (1.4.0)

PLATFORMS
  ruby

DEPENDENCIES
  kramdown
  prawn
